GEM
  remote: https://rubygems.org/
  specs:
    ffi (1.17.0-x86_64-darwin)
    google-protobuf (4.29.2-x86_64-darwin)
    jekyll (4.3.4)
    jekyll-feed (0.17.0)
    jekyll-paginate (1.1.0)
    jekyll-seo-tag (2.8.0)
    jekyll-sitemap (1.4.0)
    jekyll-theme-minimal (0.2.0)
    kramdown (2.5.1)
    kramdown-parser-gfm (1.1.0)
    liquid (4.0.4)
    webrick (1.9.1)

PLATFORMS
  ruby
  x86_64-darwin

DEPENDENCIES
  jekyll (~> 4.3)
  jekyll-feed
  jekyll-paginate
  jekyll-seo-tag
  jekyll-sitemap
  jekyll-theme-minimal
  kramdown-parser-gfm
  webrick (~> 1.7)

BUNDLED WITH
   2.6.2
